GIT
  remote: git://github.com/bbatsov/rubocop.git
  revision: 374ae09253d9a449e477db30acaf19796fc57b84
  specs:
    rubocop (0.10.0)
      backports (~> 3.3.3)
      parser (= 2.0.0.pre3)
      powerpack (= 0.0.1)
      rainbow (>= 1.1.4)

GEM
  remote: https://rubygems.org/
  specs:
    POpen4 (0.1.4)
      Platform (>= 0.4.0)
      open4
    Platform (0.4.0)
    activesupport (4.0.0)
      i18n (~> 0.6, >= 0.6.4)
      minitest (~> 4.2)
      multi_json (~> 1.3)
      thread_safe (~> 0.1)
      tzinfo (~> 0.3.37)
    addressable (2.3.5)
    ast (1.1.0)
    atomic (1.1.10)
    backports (3.3.3)
    bcrypt-ruby (3.1.1)
    builder (3.2.2)
    capybara (2.1.0)
      mime-types (>= 1.16)
      nokogiri (>= 1.3.3)
      rack (>= 1.0.0)
      rack-test (>= 0.5.4)
      xpath (~> 2.0)
    coderay (1.0.9)
    columnize (0.3.6)
    cucumber (1.3.5)
      builder (>= 2.1.2)
      diff-lcs (>= 1.1.3)
      gherkin (~> 2.12.0)
      multi_json (~> 1.7.5)
      multi_test (>= 0.0.2)
    daemons (1.1.9)
    data_objects (0.10.13)
      addressable (~> 2.1)
    debugger (1.6.1)
      columnize (>= 0.3.1)
      debugger-linecache (~> 1.2.0)
      debugger-ruby_core_source (~> 1.2.3)
    debugger-linecache (1.2.0)
    debugger-ruby_core_source (1.2.3)
    diff-lcs (1.2.4)
    dm-aggregates (1.2.0)
      dm-core (~> 1.2.0)
    dm-ar-finders (1.2.0)
      dm-core (~> 1.2.0)
    dm-constraints (1.2.0)
      dm-core (~> 1.2.0)
    dm-core (1.2.1)
      addressable (~> 2.3)
    dm-do-adapter (1.2.0)
      data_objects (~> 0.10.6)
      dm-core (~> 1.2.0)
    dm-migrations (1.2.0)
      dm-core (~> 1.2.0)
    dm-postgres-adapter (1.2.0)
      dm-do-adapter (~> 1.2.0)
      do_postgres (~> 0.10.6)
    dm-sqlite-adapter (1.2.0)
      dm-do-adapter (~> 1.2.0)
      do_sqlite3 (~> 0.10.6)
    dm-timestamps (1.2.0)
      dm-core (~> 1.2.0)
    dm-types (1.2.2)
      bcrypt-ruby (~> 3.0)
      dm-core (~> 1.2.0)
      fastercsv (~> 1.5)
      json (~> 1.6)
      multi_json (~> 1.0)
      stringex (~> 1.4)
      uuidtools (~> 2.1)
    dm-validations (1.2.0)
      dm-core (~> 1.2.0)
    do_postgres (0.10.13)
      data_objects (= 0.10.13)
    do_sqlite3 (0.10.13)
      data_objects (= 0.10.13)
    erubis (2.7.0)
    eventmachine (1.0.3)
    execjs (1.4.0)
      multi_json (~> 1.0)
    fastercsv (1.5.5)
    ffi (1.9.0)
    formatador (0.2.4)
    gherkin (2.12.0)
      multi_json (~> 1.3)
    guard (1.8.1)
      formatador (>= 0.2.4)
      listen (>= 1.0.0)
      lumberjack (>= 1.0.2)
      pry (>= 0.9.10)
      thor (>= 0.14.6)
    guard-rspec (3.0.2)
      guard (>= 1.8)
      rspec (~> 2.13)
    hike (1.2.3)
    http_router (0.11.0)
      rack (>= 1.0.0)
      url_mount (~> 0.2.1)
    i18n (0.6.4)
    json (1.8.0)
    libv8 (3.11.8.17)
    listen (1.2.2)
      rb-fsevent (>= 0.9.3)
      rb-inotify (>= 0.9)
      rb-kqueue (>= 0.2)
    lumberjack (1.0.4)
    mail (2.5.4)
      mime-types (~> 1.16)
      treetop (~> 1.4.8)
    method_source (0.8.1)
    mime-types (1.23)
    mini_portile (0.5.1)
    minitest (4.7.5)
    multi_json (1.7.7)
    multi_test (0.0.2)
    nokogiri (1.6.0)
      mini_portile (~> 0.5.0)
    open4 (1.3.0)
    padrino (0.11.2)
      padrino-admin (= 0.11.2)
      padrino-cache (= 0.11.2)
      padrino-core (= 0.11.2)
      padrino-gen (= 0.11.2)
      padrino-helpers (= 0.11.2)
      padrino-mailer (= 0.11.2)
    padrino-admin (0.11.2)
      padrino-core (= 0.11.2)
      padrino-helpers (= 0.11.2)
    padrino-cache (0.11.2)
      padrino-core (= 0.11.2)
      padrino-helpers (= 0.11.2)
    padrino-core (0.11.2)
      activesupport (>= 3.1.0)
      http_router (~> 0.11.0)
      rack-protection (>= 1.5.0)
      sinatra (~> 1.4.2)
      thor (~> 0.17.0)
      tilt (~> 1.3.7)
    padrino-gen (0.11.2)
      bundler (~> 1.0)
      padrino-core (= 0.11.2)
    padrino-helpers (0.11.2)
      i18n (~> 0.6)
      padrino-core (= 0.11.2)
    padrino-mailer (0.11.2)
      mail (~> 2.5.3)
      padrino-core (= 0.11.2)
    padrino-sprockets (0.0.2)
      sprockets
    parser (2.0.0.pre3)
      ast (~> 1.1)
      slop (~> 3.4, >= 3.4.5)
    polyglot (0.3.3)
    powerpack (0.0.1)
    pry (0.9.12.2)
      coderay (~> 1.0.5)
      method_source (~> 0.8)
      slop (~> 3.4)
    rack (1.5.2)
    rack-protection (1.5.0)
      rack
    rack-test (0.6.2)
      rack (>= 1.0)
    rainbow (1.1.4)
    rake (10.1.0)
    rb-fsevent (0.9.3)
    rb-inotify (0.9.0)
      ffi (>= 0.5.0)
    rb-kqueue (0.2.0)
      ffi (>= 0.5.0)
    ref (1.0.5)
    rspec (2.14.1)
      rspec-core (~> 2.14.0)
      rspec-expectations (~> 2.14.0)
      rspec-mocks (~> 2.14.0)
    rspec-core (2.14.4)
    rspec-expectations (2.14.0)
      diff-lcs (>= 1.1.3, < 2.0)
    rspec-mocks (2.14.1)
    rspec_junit_formatter (0.1.6)
      builder
      rspec (~> 2.0)
      rspec-core (!= 2.12.0)
    simplecov (0.8.0.pre)
      multi_json
      simplecov-html (~> 0.7.1)
    simplecov-html (0.7.1)
    sinatra (1.4.3)
      rack (~> 1.4)
      rack-protection (~> 1.4)
      tilt (~> 1.3, >= 1.3.4)
    slim (2.0.0)
      temple (~> 0.6.5)
      tilt (~> 1.3, >= 1.3.3)
    slop (3.4.6)
    sprockets (2.10.0)
      hike (~> 1.2)
      multi_json (~> 1.0)
      rack (~> 1.0)
      tilt (~> 1.1, != 1.3.0)
    stringex (1.5.1)
    temple (0.6.5)
    therubyracer (0.11.4)
      libv8 (~> 3.11.8.12)
      ref
    thin (1.5.1)
      daemons (>= 1.0.9)
      eventmachine (>= 0.12.6)
      rack (>= 1.0.0)
    thor (0.17.0)
    thread_safe (0.1.2)
      atomic
    tilt (1.3.7)
    treetop (1.4.14)
      polyglot
      polyglot (>= 0.3.1)
    tzinfo (0.3.37)
    uglifier (2.1.1)
      execjs (>= 0.3.0)
      multi_json (~> 1.0, >= 1.0.2)
    url_mount (0.2.1)
      rack
    uuidtools (2.1.4)
    xpath (2.0.0)
      nokogiri (~> 1.3)
    yui-compressor (0.9.6)
      POpen4 (>= 0.1.4)

PLATFORMS
  ruby

DEPENDENCIES
  bcrypt-ruby
  capybara
  cucumber
  debugger
  dm-aggregates
  dm-ar-finders
  dm-constraints
  dm-core
  dm-migrations
  dm-postgres-adapter
  dm-sqlite-adapter
  dm-timestamps
  dm-types
  dm-validations
  erubis (~> 2.7.0)
  guard
  guard-rspec
  padrino (= 0.11.2)
  padrino-sprockets
  rack-test
  rake
  rspec
  rspec_junit_formatter
  rubocop!
  simplecov (= 0.8.0.pre)
  slim
  therubyracer
  thin
  uglifier (= 2.1.1)
  yui-compressor (= 0.9.6)
